GEM
  remote: https://rubygems.org/
  specs:
    ffi (1.9.10)
    libusb (0.5.1)
      ffi (>= 1.0)
    ruby-dbus (0.11.0)

PLATFORMS
  ruby

DEPENDENCIES
  libusb
  ruby-dbus

BUNDLED WITH
   1.11.2
